GEM
  remote: http://rubygems.org/
  specs:
    ansi (1.4.3)
    builder (3.0.0)
    domain_name (0.5.3)
      unf (~> 0.0.3)
    hashie (1.2.0)
    json (1.7.4)
    mechanize (2.5.1)
      domain_name (~> 0.5, >= 0.5.1)
      mime-types (~> 1.17, >= 1.17.2)
      net-http-digest_auth (~> 1.1, >= 1.1.1)
      net-http-persistent (~> 2.5, >= 2.5.2)
      nokogiri (~> 1.4)
      ntlm-http (~> 0.1, >= 0.1.1)
      webrobots (~> 0.0, >= 0.0.9)
    mime-types (1.19)
    minitest (3.3.0)
    minitest-reporters (0.10.1)
      ansi
      builder
      minitest (>= 2.12, < 4.0)
      powerbar
    net-http-digest_auth (1.2.1)
    net-http-persistent (2.7)
    nokogiri (1.5.5)
    ntlm-http (0.1.1)
    powerbar (1.0.7)
      ansi (~> 1.4.0)
      hashie (>= 1.1.0)
    ruby-fsevent (0.2.1)
    tlsmail (0.0.1)
    unf (0.0.5)
      unf_ext
    unf_ext (0.0.5)
    watchr (0.7)
    webrobots (0.0.13)

PLATFORMS
  ruby

DEPENDENCIES
  json
  mechanize
  minitest
  minitest-reporters (>= 0.5.0)
  nokogiri
  ruby-fsevent
  tlsmail
  watchr
